PATH
  remote: .
  specs:
    redis_ring (0.0.2)
      daemons-mikehale
      json
      sinatra
      zookeeper

GEM
  remote: http://rubygems.org/
  specs:
    daemons-mikehale (1.0.14)
    diff-lcs (1.1.2)
    json (1.5.1)
    mocha (0.9.12)
    rack (1.2.2)
    rspec (2.5.0)
      rspec-core (~> 2.5.0)
      rspec-expectations (~> 2.5.0)
      rspec-mocks (~> 2.5.0)
    rspec-core (2.5.1)
    rspec-expectations (2.5.0)
      diff-lcs (~> 1.1.2)
    rspec-mocks (2.5.0)
    sinatra (1.2.0)
      rack (~> 1.1)
      tilt (>= 1.2.2, < 2.0)
    tilt (1.2.2)
    zookeeper (0.4.3)

PLATFORMS
  ruby

DEPENDENCIES
  mocha
  redis_ring!
  rspec
